GEM
  remote: http://rubygems.org/
  specs:
    rake (10.4.0)

PLATFORMS
  ruby

DEPENDENCIES
  rake (~> 10.4.0)
